GEM
  remote: https://rubygems.org/
  specs:
    coderay (1.1.0)
    influxdb (0.1.8)
      json
    json (1.8.1)
    method_source (0.8.2)
    pry (0.10.1)
      coderay (~> 1.1.0)
      method_source (~> 0.8.1)
      slop (~> 3.4)
    slop (3.6.0)
    vmstat (2.1.0)

PLATFORMS
  ruby

DEPENDENCIES
  influxdb
  pry
  vmstat
